GIT
  remote: https://github.com/sul-dlss/solrj_wrapper.git
  revision: b57989f4ac14c36c89ed4816bd356e52824eb12b
  branch: solr4.4
  specs:
    solrj_wrapper (0.0.1)

GEM
  remote: http://rubygems.org/
  remote: http://sul-gems.stanford.edu/
  specs:
    activesupport (3.0.20)
    bouncy-castle-java (1.5.0147)
    builder (3.2.2)
    confstruct (0.2.5)
    diff-lcs (1.2.4)
    equivalent-xml (0.3.0)
      nokogiri (>= 1.4.3)
    faraday (0.8.7)
      multipart-post (~> 1.1)
    faraday_middleware (0.9.0)
      faraday (>= 0.7.4, < 0.9)
    harvestdor (0.0.12)
      confstruct
      nokogiri
      oai (~> 0.3.0)
    harvestdor-indexer (0.0.9)
      confstruct
      harvestdor
      rsolr
      stanford-mods
    i18n (0.6.4)
    iso-639 (0.1.0)
    jruby-openssl (0.8.8)
      bouncy-castle-java (>= 1.5.0147)
    json (1.8.0-java)
    mail (2.5.4)
      mime-types (~> 1.16)
      treetop (~> 1.4.8)
    mime-types (1.23)
    mini_portile (0.5.1)
    mods (0.0.22)
      iso-639
      nokogiri
      nom-xml
    multi_json (1.7.7)
    multipart-post (1.2.0)
    nokogiri (1.6.0-java)
      mini_portile (~> 0.5.0)
    nom-xml (0.5.1)
      activesupport
      i18n
      nokogiri
    oai (0.3.0)
      builder (>= 2.0.0)
      faraday
      faraday_middleware
    polyglot (0.3.3)
    rake (10.1.0)
    rdoc (4.0.1)
      json (~> 1.4)
    rsolr (1.0.9)
      builder (>= 2.1.2)
    rspec (2.14.1)
      rspec-core (~> 2.14.0)
      rspec-expectations (~> 2.14.0)
      rspec-mocks (~> 2.14.0)
    rspec-core (2.14.4)
    rspec-expectations (2.14.0)
      diff-lcs (>= 1.1.3, < 2.0)
    rspec-mocks (2.14.1)
    simplecov (0.7.1)
      multi_json (~> 1.0)
      simplecov-html (~> 0.7.1)
    simplecov-html (0.7.1)
    simplecov-rcov (0.2.3)
      simplecov (>= 0.4.1)
    solrmarc_wrapper (0.0.4)
    stanford-mods (0.0.17)
      mods
    threach (0.2.0)
    treetop (1.4.14)
      polyglot
      polyglot (>= 0.3.1)
    trollop (2.0)
    yard (0.8.6.2)

PLATFORMS
  java

DEPENDENCIES
  activesupport (~> 3.0.0)
  equivalent-xml
  harvestdor
  harvestdor-indexer
  jruby-openssl
  mail
  nokogiri
  rake
  rdoc
  rsolr
  rspec
  simplecov
  simplecov-rcov
  solrj_wrapper!
  solrmarc_wrapper
  stanford-mods
  threach
  trollop
  yard
