GIT
  remote: https://github.com/sul-dlss/solrj_wrapper.git
  revision: b57989f4ac14c36c89ed4816bd356e52824eb12b
  branch: solr4.4
  specs:
    solrj_wrapper (0.0.1)

GEM
  remote: https://rubygems.org/
  remote: http://sul-gems.stanford.edu/
  specs:
    activesupport (4.1.1)
      i18n (~> 0.6, >= 0.6.9)
      json (~> 1.7, >= 1.7.7)
      minitest (~> 5.1)
      thread_safe (~> 0.1)
      tzinfo (~> 1.1)
    bouncy-castle-java (1.5.0147)
    builder (3.2.2)
    capistrano (3.2.1)
      i18n
      rake (>= 10.0.0)
      sshkit (~> 1.3)
    capistrano-bundler (1.1.2)
      capistrano (~> 3.0)
      sshkit (~> 1.2)
    capistrano-holepicker (0.0.1)
      capistrano (~> 3.0)
      holepicker
    capistrano-one_time_key (0.0.1)
      capistrano (~> 3.0)
    capistrano-releaseboard (0.0.1)
      faraday
    capistrano-rvm (0.1.1)
      capistrano (~> 3.0)
      sshkit (~> 1.2)
    confstruct (0.2.7)
    diff-lcs (1.2.5)
    docile (1.1.3)
    equivalent-xml (0.4.0)
      nokogiri (>= 1.4.3)
    faraday (0.8.9)
      multipart-post (~> 1.2.0)
    faraday_middleware (0.9.1)
      faraday (>= 0.7.4, < 0.10)
    harvestdor (0.0.12)
      confstruct
      nokogiri
      oai (~> 0.3.0)
    harvestdor-indexer (0.0.12)
      confstruct
      harvestdor
      rsolr
      stanford-mods
    holepicker (0.3.3)
      json (~> 1.8)
      rainbow (~> 2.0)
    i18n (0.6.9)
    iso-639 (0.2.4)
    jruby-openssl (0.9.4)
      bouncy-castle-java (>= 1.5.0147)
    json (1.8.1)
    json (1.8.1-java)
    lyberteam-capistrano-devel (3.0.0.pre1)
      capistrano (~> 3.0)
      capistrano-holepicker
      capistrano-one_time_key
      capistrano-releaseboard
    mail (2.5.4)
      mime-types (~> 1.16)
      treetop (~> 1.4.8)
    mime-types (1.25.1)
    mini_portile (0.6.0)
    minitest (5.3.4)
    mods (0.0.23)
      iso-639
      nokogiri
      nom-xml
    multi_json (1.10.1)
    multipart-post (1.2.0)
    net-scp (1.2.1)
      net-ssh (>= 2.6.5)
    net-ssh (2.9.1)
    nokogiri (1.6.2.1)
      mini_portile (= 0.6.0)
    nokogiri (1.6.2.1-java)
    nom-xml (0.5.1)
      activesupport
      i18n
      nokogiri
    oai (0.3.1)
      builder (>= 2.0.0)
      faraday
      faraday_middleware
    polyglot (0.3.4)
    rainbow (2.0.0)
    rake (10.3.2)
    rdoc (4.1.1)
      json (~> 1.4)
    rsolr (1.0.10)
      builder (>= 2.1.2)
    rspec (2.14.1)
      rspec-core (~> 2.14.0)
      rspec-expectations (~> 2.14.0)
      rspec-mocks (~> 2.14.0)
    rspec-core (2.14.8)
    rspec-expectations (2.14.5)
      diff-lcs (>= 1.1.3, < 2.0)
    rspec-mocks (2.14.6)
    simplecov (0.8.2)
      docile (~> 1.1.0)
      multi_json
      simplecov-html (~> 0.8.0)
    simplecov-html (0.8.0)
    simplecov-rcov (0.2.3)
      simplecov (>= 0.4.1)
    solrmarc_wrapper (0.0.4)
    sshkit (1.4.0)
      net-scp (>= 1.1.2)
      net-ssh (>= 2.8.0)
      term-ansicolor
    stanford-mods (0.0.27)
      mods
    term-ansicolor (1.3.0)
      tins (~> 1.0)
    threach (0.2.0)
    thread_safe (0.3.4)
    thread_safe (0.3.4-java)
    tins (1.3.0)
    treetop (1.4.15)
      polyglot
      polyglot (>= 0.3.1)
    trollop (2.0)
    tzinfo (1.2.0)
      thread_safe (~> 0.1)
    yard (0.8.7.4)

PLATFORMS
  java
  ruby

DEPENDENCIES
  activesupport
  capistrano (~> 3.2)
  capistrano-bundler
  capistrano-rvm
  equivalent-xml (= 0.4.0)
  faraday (~> 0.8.9)
  harvestdor
  harvestdor-indexer
  jruby-openssl
  lyberteam-capistrano-devel (= 3.0.0.pre1)
  mail
  nokogiri
  rainbow
  rake
  rdoc
  rsolr
  rspec
  simplecov
  simplecov-rcov
  solrj_wrapper!
  solrmarc_wrapper
  stanford-mods
  threach
  trollop
  yard
