GEM
  remote: http://rubygems.org/
  remote: http://sul-gems.stanford.edu/
  specs:
    activesupport (4.0.0)
      i18n (~> 0.6, >= 0.6.4)
      minitest (~> 4.2)
      multi_json (~> 1.3)
      thread_safe (~> 0.1)
      tzinfo (~> 0.3.37)
    atomic (1.1.9)
    atomic (1.1.9-java)
    bouncy-castle-java (1.5.0147)
    builder (3.2.2)
    confstruct (0.2.5)
    diff-lcs (1.2.4)
    equivalent-xml (0.3.0)
      nokogiri (>= 1.4.3)
    faraday (0.8.7)
      multipart-post (~> 1.1)
    faraday_middleware (0.9.0)
      faraday (>= 0.7.4, < 0.9)
    harvestdor (0.0.12)
      confstruct
      nokogiri
      oai (~> 0.3.0)
    harvestdor-indexer (0.0.9)
      confstruct
      harvestdor
      rsolr
      stanford-mods
    i18n (0.6.4)
    iso-639 (0.1.0)
    jruby-openssl (0.8.8)
      bouncy-castle-java (>= 1.5.0147)
    json (1.8.0)
    json (1.8.0-java)
    mini_portile (0.5.0)
    minitest (4.7.5)
    mods (0.0.22)
      iso-639
      nokogiri
      nom-xml
    multi_json (1.7.7)
    multipart-post (1.2.0)
    nokogiri (1.6.0)
      mini_portile (~> 0.5.0)
    nokogiri (1.6.0-java)
      mini_portile (~> 0.5.0)
    nom-xml (0.5.1)
      activesupport
      i18n
      nokogiri
    oai (0.3.0)
      builder (>= 2.0.0)
      faraday
      faraday_middleware
    rake (10.0.4)
    rdoc (4.0.1)
      json (~> 1.4)
    rsolr (1.0.9)
      builder (>= 2.1.2)
    rspec (2.13.0)
      rspec-core (~> 2.13.0)
      rspec-expectations (~> 2.13.0)
      rspec-mocks (~> 2.13.0)
    rspec-core (2.13.1)
    rspec-expectations (2.13.0)
      diff-lcs (>= 1.1.3, < 2.0)
    rspec-mocks (2.13.1)
    simplecov (0.7.1)
      multi_json (~> 1.0)
      simplecov-html (~> 0.7.1)
    simplecov-html (0.7.1)
    simplecov-rcov (0.2.3)
      simplecov (>= 0.4.1)
    solrj_wrapper (0.0.2)
    solrmarc_wrapper (0.0.4)
    stanford-mods (0.0.15)
      mods
    threach (0.2.0)
    thread_safe (0.1.0)
      atomic
    trollop (2.0)
    tzinfo (0.3.37)
    yard (0.8.6.1)

PLATFORMS
  java
  ruby

DEPENDENCIES
  equivalent-xml
  harvestdor
  harvestdor-indexer
  jruby-openssl
  nokogiri
  rake
  rdoc
  rsolr
  rspec
  simplecov
  simplecov-rcov
  solrj_wrapper
  solrmarc_wrapper
  stanford-mods
  threach
  trollop
  yard
