GIT
  remote: git://github.com/sul-dlss/harvestdor-indexer.git
  revision: 46429362a2bbdaa0bf4dd8fe1275f077d9c01d00
  branch: refactor
  specs:
    harvestdor-indexer (1.0.4)
      activesupport
      confstruct
      dor-fetcher (= 1.0.5)
      harvestdor (>= 0.0.14)
      parallel
      retries
      rsolr
      stanford-mods

GEM
  remote: https://rubygems.org/
  specs:
    activesupport (4.2.0)
      i18n (~> 0.7)
      json (~> 1.7, >= 1.7.7)
      minitest (~> 5.1)
      thread_safe (~> 0.3, >= 0.3.4)
      tzinfo (~> 1.1)
    addressable (2.3.6)
    builder (3.2.2)
    bundler-audit (0.3.1)
      bundler (~> 1.2)
      thor (~> 0.18)
    byebug (3.5.1)
      columnize (~> 0.8)
      debugger-linecache (~> 1.2)
      slop (~> 3.6)
    capistrano (3.3.5)
      capistrano-stats (~> 1.1.0)
      i18n
      rake (>= 10.0.0)
      sshkit (~> 1.3)
    capistrano-bundle_audit (0.0.3)
      bundler-audit
      capistrano (~> 3.0)
    capistrano-bundler (1.1.3)
      capistrano (~> 3.1)
      sshkit (~> 1.2)
    capistrano-one_time_key (0.0.1)
      capistrano (~> 3.0)
    capistrano-releaseboard (0.0.1)
      faraday
    capistrano-rvm (0.1.2)
      capistrano (~> 3.0)
      sshkit (~> 1.2)
    capistrano-stats (1.1.1)
    colorize (0.7.5)
    columnize (0.9.0)
    confstruct (0.2.7)
    crack (0.4.2)
      safe_yaml (~> 1.0.0)
    debugger-linecache (1.2.0)
    diff-lcs (1.2.5)
    docile (1.1.5)
    dor-fetcher (1.0.5)
    equivalent-xml (0.5.1)
      nokogiri (>= 1.4.3)
    faraday (0.9.1)
      multipart-post (>= 1.2, < 3)
    faraday_middleware (0.9.1)
      faraday (>= 0.7.4, < 0.10)
    harvestdor (0.0.14)
      confstruct
      faraday (>= 0.9.0)
      nokogiri
      oai (~> 0.3.0)
    hooks (0.4.0)
      uber (~> 0.0.4)
    i18n (0.7.0)
    iso-639 (0.2.5)
    jruby-openssl (0.9.5-java)
    json (1.8.1)
    json (1.8.1-java)
    lyberteam-capistrano-devel (3.1.0)
      capistrano (~> 3.0)
      capistrano-bundle_audit (>= 0.0.3)
      capistrano-one_time_key
      capistrano-releaseboard
    mail (2.6.3)
      mime-types (>= 1.16, < 3)
    mime-types (2.4.3)
    mini_portile (0.6.2)
    minitest (5.5.0)
    mods (0.0.23)
      iso-639
      nokogiri
      nom-xml
    multi_json (1.10.1)
    multipart-post (2.0.0)
    net-scp (1.2.1)
      net-ssh (>= 2.6.5)
    net-ssh (2.9.1)
    netrc (0.10.2)
    nokogiri (1.6.5)
      mini_portile (~> 0.6.0)
    nokogiri (1.6.5-java)
    nom-xml (0.5.1)
      activesupport
      i18n
      nokogiri
    oai (0.3.1)
      builder (>= 2.0.0)
      faraday
      faraday_middleware
    parallel (1.3.3)
    rainbow (2.0.0)
    rake (10.4.2)
    rdoc (4.2.0)
    rest-client (1.7.2)
      mime-types (>= 1.16, < 3.0)
      netrc (~> 0.7)
    retries (0.0.5)
    rsolr (1.0.10)
      builder (>= 2.1.2)
    rspec (3.1.0)
      rspec-core (~> 3.1.0)
      rspec-expectations (~> 3.1.0)
      rspec-mocks (~> 3.1.0)
    rspec-core (3.1.7)
      rspec-support (~> 3.1.0)
    rspec-expectations (3.1.2)
      diff-lcs (>= 1.2.0, < 2.0)
      rspec-support (~> 3.1.0)
    rspec-mocks (3.1.3)
      rspec-support (~> 3.1.0)
    rspec-support (3.1.2)
    safe_yaml (1.0.4)
    simplecov (0.9.1)
      docile (~> 1.1.0)
      multi_json (~> 1.0)
      simplecov-html (~> 0.8.0)
    simplecov-html (0.8.0)
    simplecov-rcov (0.2.3)
      simplecov (>= 0.4.1)
    slop (3.6.0)
    solrj_wrapper (1.0.2)
    solrmarc_wrapper (0.0.6)
    sshkit (1.6.1)
      colorize (>= 0.7.0)
      net-scp (>= 1.1.2)
      net-ssh (>= 2.8.0)
    stanford-mods (1.0.3)
      mods
    thor (0.19.1)
    threach (0.2.0)
    thread_safe (0.3.4)
    thread_safe (0.3.4-java)
    trollop (2.1.1)
    tzinfo (1.2.2)
      thread_safe (~> 0.1)
    uber (0.0.12)
    vcr (2.9.3)
    webmock (1.20.4)
      addressable (>= 2.3.6)
      crack (>= 0.3.2)
    yard (0.8.7.6)

PLATFORMS
  java
  ruby

DEPENDENCIES
  activesupport
  byebug
  capistrano (~> 3.2)
  capistrano-bundler
  capistrano-rvm
  equivalent-xml (~> 0.5)
  harvestdor (>= 0.0.14)
  harvestdor-indexer!
  hooks
  jruby-openssl
  lyberteam-capistrano-devel
  mail
  nokogiri
  rainbow
  rake
  rdoc
  rest-client
  rsolr
  rspec (~> 3.1)
  simplecov
  simplecov-rcov
  solrj_wrapper
  solrmarc_wrapper
  stanford-mods
  threach
  trollop
  vcr
  webmock
  yard
