GEM
  remote: https://rubygems.org/
  specs:
    activesupport (4.1.5)
      i18n (~> 0.6, >= 0.6.9)
      json (~> 1.7, >= 1.7.7)
      minitest (~> 5.1)
      thread_safe (~> 0.1)
      tzinfo (~> 1.1)
    builder (3.2.2)
    bundler-audit (0.3.1)
      bundler (~> 1.2)
      thor (~> 0.18)
    capistrano (3.2.1)
      i18n
      rake (>= 10.0.0)
      sshkit (~> 1.3)
    capistrano-bundle_audit (0.0.3)
      bundler-audit
      capistrano (~> 3.0)
    capistrano-bundler (1.1.2)
      capistrano (~> 3.0)
      sshkit (~> 1.2)
    capistrano-one_time_key (0.0.1)
      capistrano (~> 3.0)
    capistrano-releaseboard (0.0.1)
      faraday
    capistrano-rvm (0.1.1)
      capistrano (~> 3.0)
      sshkit (~> 1.2)
    colorize (0.7.3)
    confstruct (0.2.7)
    diff-lcs (1.2.5)
    docile (1.1.3)
    dor-fetcher (1.1.0)
    equivalent-xml (0.4.0)
      nokogiri (>= 1.4.3)
    faraday (0.9.0)
      multipart-post (>= 1.2, < 3)
    faraday_middleware (0.9.1)
      faraday (>= 0.7.4, < 0.10)
    harvestdor (0.0.14)
      confstruct
      faraday (>= 0.9.0)
      nokogiri
      oai (~> 0.3.0)
    harvestdor-indexer (1.0.1)
      confstruct
      harvestdor (>= 0.0.14)
      retries
      rsolr
      stanford-mods
    i18n (0.6.11)
    iso-639 (0.2.5)
    jruby-openssl (0.9.5-java)
    json (1.8.1)
    json (1.8.1-java)
    lyberteam-capistrano-devel (3.1.0)
      capistrano (~> 3.0)
      capistrano-bundle_audit (>= 0.0.3)
      capistrano-one_time_key
      capistrano-releaseboard
    mail (2.6.1)
      mime-types (>= 1.16, < 3)
    mime-types (2.3)
    mini_portile (0.6.0)
    minitest (5.4.0)
    mods (0.0.23)
      iso-639
      nokogiri
      nom-xml
    multi_json (1.10.1)
    multipart-post (2.0.0)
    net-scp (1.2.1)
      net-ssh (>= 2.6.5)
    net-ssh (2.9.1)
    netrc (0.8.0)
    nokogiri (1.6.3.1)
      mini_portile (= 0.6.0)
    nokogiri (1.6.3.1-java)
    nom-xml (0.5.1)
      activesupport
      i18n
      nokogiri
    oai (0.3.1)
      builder (>= 2.0.0)
      faraday
      faraday_middleware
    rainbow (2.0.0)
    rake (10.3.2)
    rdoc (4.1.1)
      json (~> 1.4)
    rest-client (1.7.2)
      mime-types (>= 1.16, < 3.0)
      netrc (~> 0.7)
    retries (0.0.5)
    rsolr (1.0.10)
      builder (>= 2.1.2)
    rspec (2.14.1)
      rspec-core (~> 2.14.0)
      rspec-expectations (~> 2.14.0)
      rspec-mocks (~> 2.14.0)
    rspec-core (2.14.8)
    rspec-expectations (2.14.5)
      diff-lcs (>= 1.1.3, < 2.0)
    rspec-mocks (2.14.6)
    simplecov (0.8.2)
      docile (~> 1.1.0)
      multi_json
      simplecov-html (~> 0.8.0)
    simplecov-html (0.8.0)
    simplecov-rcov (0.2.3)
      simplecov (>= 0.4.1)
    solrj_wrapper (1.0.2)
    solrmarc_wrapper (0.0.6)
    sshkit (1.5.1)
      colorize
      net-scp (>= 1.1.2)
      net-ssh (>= 2.8.0)
    stanford-mods (1.0.3)
      mods
    thor (0.19.1)
    threach (0.2.0)
    thread_safe (0.3.4)
    thread_safe (0.3.4-java)
    trollop (2.0)
    tzinfo (1.2.2)
      thread_safe (~> 0.1)
    yard (0.8.7.4)

PLATFORMS
  java
  ruby

DEPENDENCIES
  activesupport
  capistrano (~> 3.2)
  capistrano-bundler
  capistrano-rvm
  dor-fetcher (>= 1.1.0)
  equivalent-xml (= 0.4.0)
  harvestdor (>= 0.0.14)
  harvestdor-indexer (>= 1.0.1)
  jruby-openssl
  lyberteam-capistrano-devel
  mail
  nokogiri
  rainbow
  rake
  rdoc
  rest-client
  rsolr
  rspec
  simplecov
  simplecov-rcov
  solrj_wrapper
  solrmarc_wrapper
  stanford-mods
  threach
  trollop
  yard
